GEM
  remote: https://rubygems.org/
  specs:
    chunky_png (1.3.5)
    coderay (1.1.0)
    method_source (0.8.2)
    pry (0.10.3)
      coderay (~> 1.1.0)
      method_source (~> 0.8.1)
      slop (~> 3.4)
    rqrcode (0.7.0)
      chunky_png
    rqrcode_png (0.1.5)
      chunky_png
      rqrcode
    slop (3.6.0)

PLATFORMS
  ruby

DEPENDENCIES
  pry
  rqrcode_png (~> 0.1.5)
